GEM
  remote: http://rubygems.org/
  specs:
    RedCloth (4.2.7)
    configuration (1.2.0)
    haml (3.1.1)
    heroku (1.17.14)
      json (~> 1.4.6)
      launchy (~> 0.3.2)
      rest-client (< 1.7.0, >= 1.4.0)
    json (1.4.6)
    launchy (0.3.7)
      configuration (>= 0.0.5)
      rake (>= 0.8.1)
    maruku (0.6.0)
      syntax (>= 1.0.0)
    mime-types (1.16)
    nesta (0.9.5)
      RedCloth (~> 4.2)
      haml (~> 3.1)
      maruku (>= 0.6.0)
      sass (~> 3.1)
      shotgun (>= 0.8)
      sinatra (= 1.1.2)
    rack (1.2.2)
    rack-force_domain (0.1.1)
    rake (0.8.7)
    rest-client (1.6.1)
      mime-types (>= 1.16)
    sass (3.1.1)
    shotgun (0.9)
      rack (>= 1.0)
    sinatra (1.1.2)
      rack (~> 1.1)
      tilt (~> 1.2)
    syntax (1.0.0)
    tilt (1.3)

PLATFORMS
  ruby

DEPENDENCIES
  heroku (= 1.17.14)
  nesta (= 0.9.5)
  rack-force_domain (= 0.1.1)
