GEM
  remote: http://rubygems.org/
  specs:
    RedCloth (4.2.3)
    builder (3.0.0)
    configuration (1.2.0)
    haml (3.0.25)
    heroku (1.17.14)
      json (~> 1.4.6)
      launchy (~> 0.3.2)
      rest-client (>= 1.4.0, < 1.7.0)
    json (1.4.6)
    launchy (0.3.7)
      configuration (>= 0.0.5)
      rake (>= 0.8.1)
    maruku (0.6.0)
      syntax (>= 1.0.0)
    mime-types (1.16)
    nesta (0.9.3)
      RedCloth (~> 4.2)
      builder (~> 3.0)
      haml (~> 3.0)
      maruku (>= 0.6.0)
      shotgun (>= 0.8)
      sinatra (= 1.1.2)
    rack (1.2.1)
    rake (0.8.7)
    rest-client (1.6.1)
      mime-types (>= 1.16)
    shotgun (0.8)
      rack (>= 1.0)
    sinatra (1.1.2)
      rack (~> 1.1)
      tilt (~> 1.2)
    syntax (1.0.0)
    tilt (1.2.1)

PLATFORMS
  ruby

DEPENDENCIES
  heroku (= 1.17.14)
  nesta (= 0.9.3)
